GIT
  remote: git://github.com/noct/jekyll-sass
  revision: ca2fdd2d27cf39ef152f2276627a05d07d46d203
  specs:
    jekyll-sass (1.2.0)
      colorator (~> 0.1)
      jekyll (>= 0.10.0)
      sass (>= 3.0.0)

GEM
  remote: https://rubygems.org/
  specs:
    classifier (1.3.3)
      fast-stemmer (>= 1.0.0)
    colorator (0.1)
    commander (4.1.5)
      highline (~> 1.6.11)
    directory_watcher (1.4.1)
    fast-stemmer (1.0.2)
    haml (4.0.3)
      tilt
    highline (1.6.20)
    jekyll (1.2.1)
      classifier (~> 1.3)
      colorator (~> 0.1)
      commander (~> 4.1.3)
      directory_watcher (~> 1.4.1)
      liquid (~> 2.5.2)
      maruku (~> 0.5)
      pygments.rb (~> 0.5.0)
      redcarpet (~> 2.3.0)
      safe_yaml (~> 0.7.0)
    jekyll-contentblocks (0.0.2)
      jekyll
    liquid (2.5.3)
    maruku (0.7.0)
    posix-spawn (0.3.6)
    pygments.rb (0.5.2)
      posix-spawn (~> 0.3.6)
      yajl-ruby (~> 1.1.0)
    redcarpet (2.3.0)
    rmagick (2.13.2)
    safe_yaml (0.7.1)
    sass (3.2.12)
    tilt (1.4.1)
    yajl-ruby (1.1.0)

PLATFORMS
  ruby

DEPENDENCIES
  haml (~> 4.0.3)
  jekyll (~> 1.2.1)
  jekyll-contentblocks (~> 0.0.2)
  jekyll-sass!
  rmagick (~> 2.13.2)
